GEM
  remote: https://rubygems.org/
  specs:
    json (1.8.2)
    mail (2.6.3)
      mime-types (>= 1.16, < 3)
    mime-types (2.6.1)

PLATFORMS
  ruby

DEPENDENCIES
  json
  mail
